GIT
  remote: git://github.com/chef/chef-acceptance.git
  revision: 47f5f54e561981802122168ca01ae03907965312
  specs:
    chef-acceptance (0.2.0)
      thor (~> 0.19)

GIT
  remote: git://github.com/sersut/test-kitchen.git
  revision: fd05389ec556fdcac96b92b1aea2a9ed48802e75
  branch: sersut/mixlib-install-update
  specs:
    test-kitchen (1.4.3.dev.0)
      mixlib-shellout (>= 1.2, < 3.0)
      net-scp (~> 1.1)
      net-ssh (~> 2.7, < 2.10)
      safe_yaml (~> 1.0)
      thor (~> 0.18)

PATH
  remote: ../
  specs:
    mixlib-install (0.8.0.alpha.2)
      artifactory (~> 2.3.0)
      mixlib-versioning (~> 1.1.0)

GEM
  remote: https://rubygems.org/
  specs:
    artifactory (2.3.2)
    builder (3.2.2)
    coderay (1.1.0)
    ffi (1.9.10)
    gssapi (1.2.0)
      ffi (>= 1.0.1)
    gyoku (1.3.1)
      builder (>= 2.1.2)
    httpclient (2.7.0.1)
    kitchen-vagrant (0.19.0)
      test-kitchen (~> 1.4)
    little-plugger (1.1.4)
    logging (2.0.0)
      little-plugger (~> 1.1)
      multi_json (~> 1.10)
    method_source (0.8.2)
    mixlib-shellout (2.2.5)
    mixlib-versioning (1.1.0)
    multi_json (1.11.2)
    net-scp (1.2.1)
      net-ssh (>= 2.6.5)
    net-ssh (2.9.2)
    nori (2.6.0)
    pry (0.10.3)
      coderay (~> 1.1.0)
      method_source (~> 0.8.1)
      slop (~> 3.4)
    rubyntlm (0.4.0)
    rubyzip (1.1.7)
    safe_yaml (1.0.4)
    slop (3.6.0)
    thor (0.19.1)
    uuidtools (2.1.5)
    windows_chef_zero (2.0.0)
      test-kitchen (>= 1.2.1)
    winrm (1.3.6)
      builder (>= 2.1.2)
      gssapi (~> 1.2)
      gyoku (~> 1.0)
      httpclient (~> 2.2, >= 2.2.0.2)
      logging (>= 1.6.1, < 3.0)
      nori (~> 2.0)
      rubyntlm (~> 0.4.0)
      uuidtools (~> 2.1.2)
    winrm-transport (1.0.3)
      rubyzip (~> 1.1, >= 1.1.7)
      winrm (~> 1.3)

PLATFORMS
  ruby

DEPENDENCIES
  chef-acceptance!
  kitchen-vagrant
  mixlib-install!
  pry
  test-kitchen!
  windows_chef_zero
  winrm-transport

BUNDLED WITH
   1.10.6
